GEM
  remote: https://rubygems.org/
  specs:
    colored (1.2)
    credentials_manager (0.8.1)
      colored
      highline (>= 1.7.1)
      security
    faraday (0.9.1)
      multipart-post (>= 1.2, < 3)
    faraday_middleware (0.10.0)
      faraday (>= 0.7.4, < 0.10)
    highline (1.7.3)
    multi_xml (0.5.5)
    multipart-post (2.0.0)
    plist (3.1.0)
    security (0.1.3)
    spaceship (0.6.0)
      credentials_manager (>= 0.8.0)
      faraday (~> 0.9)
      faraday_middleware (~> 0.9)
      multi_xml (~> 0.5)
      plist (~> 3.1)

PLATFORMS
  ruby

DEPENDENCIES
  spaceship
